GEM
  remote: http://rubygems.org/
  specs:
    diff-lcs (1.1.3)
    grit (2.4.1)
      diff-lcs (~> 1.1)
      mime-types (~> 1.15)
    json (1.6.1)
    mime-types (1.17.2)
    mustache (0.99.4)
    rack (1.4.1)
    rack-protection (1.1.4)
      rack
    redcarpet (2.0.0)
    sinatra (1.3.1)
      rack (~> 1.3, >= 1.3.4)
      rack-protection (~> 1.1, >= 1.1.2)
      tilt (~> 1.3, >= 1.3.3)
    tilt (1.3.3)

PLATFORMS
  ruby

DEPENDENCIES
  grit
  json
  mustache
  redcarpet
  sinatra
